PATH
  remote: .
  specs:
    distribot (0.1.0)
      activesupport
      bunny
      dotenv
      eye
      logstash-logger
      redis
      semantic
      wrest

GEM
  remote: https://rubygems.org/
  specs:
    activesupport (4.2.5)
      i18n (~> 0.7)
      json (~> 1.7, >= 1.7.7)
      minitest (~> 5.1)
      thread_safe (~> 0.3, >= 0.3.4)
      tzinfo (~> 1.1)
    addressable (2.3.8)
    amq-protocol (2.0.0)
    builder (3.2.2)
    bunny (2.2.1)
      amq-protocol (>= 2.0.0)
    byebug (8.2.0)
    celluloid (0.17.2)
      celluloid-essentials
      celluloid-extras
      celluloid-fsm
      celluloid-pool
      celluloid-supervision
      timers (>= 4.1.1)
    celluloid-essentials (0.20.5)
      timers (>= 4.1.1)
    celluloid-extras (0.20.5)
      timers (>= 4.1.1)
    celluloid-fsm (0.20.5)
      timers (>= 4.1.1)
    celluloid-io (0.17.2)
      celluloid (>= 0.17.2)
      nio4r (>= 1.1)
      timers (>= 4.1.1)
    celluloid-pool (0.20.5)
      timers (>= 4.1.1)
    celluloid-supervision (0.20.5)
      timers (>= 4.1.1)
    codeclimate-test-reporter (0.4.8)
      simplecov (>= 0.7.1, < 1.0.0)
    crack (0.4.2)
      safe_yaml (~> 1.0.0)
    diff-lcs (1.2.5)
    docile (1.1.5)
    dotenv (2.0.2)
    eye (0.8)
      celluloid (~> 0.17.2)
      celluloid-io (~> 0.17.0)
      sigar (~> 0.7.3)
      state_machine
      thor
    faker (1.6.1)
      i18n (~> 0.5)
    hashdiff (0.2.3)
    hitimes (1.2.3)
    i18n (0.7.0)
    json (1.8.3)
    logstash-event (1.2.02)
    logstash-logger (0.15.2)
      logstash-event (~> 1.2)
      stud
    minitest (5.8.3)
    multi_json (1.11.2)
    nio4r (1.1.1)
    rake (10.4.2)
    redis (3.2.2)
    rspec (3.4.0)
      rspec-core (~> 3.4.0)
      rspec-expectations (~> 3.4.0)
      rspec-mocks (~> 3.4.0)
    rspec-core (3.4.1)
      rspec-support (~> 3.4.0)
    rspec-expectations (3.4.0)
      diff-lcs (>= 1.2.0, < 2.0)
      rspec-support (~> 3.4.0)
    rspec-mocks (3.4.0)
      diff-lcs (>= 1.2.0, < 2.0)
      rspec-support (~> 3.4.0)
    rspec-support (3.4.1)
    safe_yaml (1.0.4)
    semantic (1.4.1)
    shoulda-matchers (3.0.1)
      activesupport (>= 4.0.0)
    sigar (0.7.3)
    simplecov (0.10.0)
      docile (~> 1.1.0)
      json (~> 1.8)
      simplecov-html (~> 0.10.0)
    simplecov-html (0.10.0)
    state_machine (1.2.0)
    stud (0.0.22)
    thor (0.19.1)
    thread_safe (0.3.5)
    timers (4.1.1)
      hitimes
    tzinfo (1.2.2)
      thread_safe (~> 0.1)
    webmock (1.22.3)
      addressable (>= 2.3.6)
      crack (>= 0.3.2)
      hashdiff
    wrest (2.1.2)
      activesupport (~> 4)
      builder (> 2.0)
      multi_json (~> 1.0)

PLATFORMS
  ruby

DEPENDENCIES
  bundler (~> 1.7)
  byebug
  codeclimate-test-reporter
  distribot!
  faker
  rake (~> 10.0)
  rspec
  shoulda-matchers
  simplecov
  webmock

BUNDLED WITH
   1.11.2
